GEM
  remote: https://rubygems.org/
  specs:
    activesupport (6.0.3.1)
      concurrent-ruby (~> 1.0, >= 1.0.2)
      i18n (>= 0.7, < 2)
      minitest (~> 5.1)
      tzinfo (~> 1.1)
      zeitwerk (~> 2.2, >= 2.2.2)
    addressable (2.4.0)
    byebug (9.0.5)
    capybara (2.7.1)
      addressable
      mime-types (>= 1.16)
      nokogiri (>= 1.3.3)
      rack (>= 1.0.0)
      rack-test (>= 0.5.4)
      xpath (~> 2.0)
    cliver (0.3.2)
    coderay (1.1.1)
    concurrent-ruby (1.1.6)
    i18n (1.8.2)
      concurrent-ruby (~> 1.0)
    mail (2.2.7)
      activesupport (>= 2.3.6)
      mime-types
      treetop (>= 1.4.5)
    mail-iso-2022-jp (2.0.4)
      mail (>= 2.2.6, <= 2.6.3)
    method_source (0.8.2)
    mime-types (3.1)
      mime-types-data (~> 3.2015)
    mime-types-data (3.2016.0521)
    mini_portile2 (2.8.0)
    minitest (5.14.1)
    nokogiri (1.13.4)
      mini_portile2 (~> 2.8.0)
      racc (~> 1.4)
    poltergeist (1.10.0)
      capybara (~> 2.1)
      cliver (~> 0.3.1)
      websocket-driver (>= 0.2.0)
    polyglot (0.3.5)
    pry (0.10.4)
      coderay (~> 1.1.0)
      method_source (~> 0.8.1)
      slop (~> 3.4)
    pry-byebug (3.4.0)
      byebug (~> 9.0)
      pry (~> 0.10)
    pry-doc (0.9.0)
      pry (~> 0.9)
      yard (~> 0.8)
    racc (1.6.0)
    rack (2.0.8)
    rack-test (0.6.3)
      rack (>= 1.0)
    slop (3.6.0)
    thread_safe (0.3.6)
    treetop (1.6.5)
      polyglot (~> 0.3)
    tzinfo (1.2.7)
      thread_safe (~> 0.1)
    websocket-driver (0.6.4)
      websocket-extensions (>= 0.1.0)
    websocket-extensions (0.1.5)
    xpath (2.0.0)
      nokogiri (~> 1.3)
    yard (0.9.0)
    zeitwerk (2.3.0)

PLATFORMS
  ruby

DEPENDENCIES
  capybara
  mail-iso-2022-jp
  nokogiri
  poltergeist
  pry
  pry-byebug
  pry-doc

BUNDLED WITH
   1.11.2
